{
	"Modality": "MR",
	"MagneticFieldStrength": 3,
	"ImagingFrequency": 127.764,
	"Manufacturer": "GE",
	"ManufacturersModelName": "DISCOVERY_MR750",
	"InstitutionName": "NCKU",
	"DeviceSerialNumber": "00000000GEMRGEMR",
	"StationName": "GEMRGEMR",
	"PatientPosition": "HFS",
	"SoftwareVersions": "24_LX_MR_Software_release:DV24.0_R01_1344.a",
	"MRAcquisitionType": "2D",
	"SeriesDescription": "purchase_2people_run3",
	"ProtocolName": "purchase_2people_run3",
	"ScanningSequence": "EP_GR",
	"SequenceVariant": "SS",
	"ScanOptions": "EPI_GEMS_ACC_GEMS",
	"ImageType": ["ORIGINAL", "PRIMARY", "EPI", "NONE"],
	"SeriesNumber": 8,
	"AcquisitionTime": "12:34:37.000000",
	"AcquisitionNumber": 1,
	"SliceThickness": 3,
	"SpacingBetweenSlices": 3,
	"SAR": 0.293031,
	"EchoTime": 0.033,
	"RepetitionTime": 2,
	"FlipAngle": 76,
	"PhaseEncodingPolarityGE": "Flipped",
	"CoilString": "8HRBRAIN",
	"PercentPhaseFOV": 100,
	"AcquisitionMatrixPE": 64,
	"ReconMatrixPE": 64,
	"EffectiveEchoSpacing": 0.000468,
	"TotalReadoutTime": 0.029484,
	"PixelBandwidth": 7812.5,
	"PhaseEncodingDirection": "j",
	"SliceTiming": [
		0,
		1,
		0.05,
		1.05,
		0.0999999,
		1.1,
		0.15,
		1.15,
		0.2,
		1.2,
		0.25,
		1.25,
		0.3,
		1.3,
		0.35,
		1.35,
		0.4,
		1.4,
		0.45,
		1.45,
		0.5,
		1.5,
		0.55,
		1.55,
		0.6,
		1.6,
		0.65,
		1.65,
		0.7,
		1.7,
		0.75,
		1.75,
		0.8,
		1.8,
		0.85,
		1.85,
		0.9,
		1.9,
		0.95,
		1.95	],
	"ImageOrientationPatientDICOM": [
		0.998951,
		-0.00586879,
		0.0454063,
		-7.30356e-05,
		0.991545,
		0.129764	],
	"InPlanePhaseEncodingDirectionDICOM": "COL",
	"ConversionSoftware": "dcm2niix",
	"ConversionSoftwareVersion": "v1.0.20181125  Clang8.1.0"
}
